{
  "aor": 0.00553025,
  "aqi": 0.01083507775,
  "bids_meta": {
    "AcquisitionMatrixPE": 96,
    "AcquisitionNumber": 1,
    "AcquisitionTime": "15:11:4.000000",
    "BodyPartExamined": "HEAD",
    "CoilString": "Head Neck 40",
    "ConversionSoftware": "dcm2niix",
    "ConversionSoftwareVersion": "v1.0.20211006",
    "Dcm2bidsVersion": "2.1.6",
    "DeviceSerialNumber": "000000030130MR01",
    "EchoTime": 0.034,
    "EffectiveEchoSpacing": 0.000187465,
    "FileSize": 0.08344068005681038,
    "FileSizeUnits": "GB",
    "FlipAngle": 90,
    "ImageOrientationPatientDICOM": [
      0.952668,
      0.298434,
      -0.0579716,
      -0.304005,
      0.936555,
      -0.174488
    ],
    "ImageType": [
      "ORIGINAL",
      "PRIMARY",
      "EPI",
      "NONE"
    ],
    "ImagingFrequency": 127.771,
    "InPlanePhaseEncodingDirectionDICOM": "COL",
    "InstitutionName": "ULB_ERASME",
    "InternalPulseSequenceName": "EPI",
    "MRAcquisitionType": "2D",
    "MagneticFieldStrength": 3,
    "Manufacturer": "GE",
    "ManufacturersModelName": "SIGNA PET/MR",
    "Modality": "MR",
    "NumberOfVolumes": 120,
    "ParallelReductionFactorInPlane": 3,
    "PatientPosition": "HFS",
    "PercentPhaseFOV": 100,
    "PercentSampling": 100,
    "PhaseEncodingDirection": "j",
    "PhaseEncodingPolarityGE": "Flipped",
    "PixelBandwidth": 3906.25,
    "ProcedureStepDescription": "Etude Valentina Hypercapnie",
    "ProtocolName": "Valentina fMRI Hypercapn",
    "PulseSequenceName": "epiRT",
    "ReconMatrixPE": 128,
    "RepetitionTime": 3,
    "SAR": 0.067108,
    "ScanOptions": "SAT_GEMS\\EPI_GEMS\\FILTERED_GEMS\\ACC_GEMS\\FS",
    "ScanningSequence": "EP\\GR",
    "SequenceVariant": "SS",
    "SeriesDescription": "fMRI 3mm RS",
    "SeriesNumber": 5,
    "SliceThickness": 3,
    "SliceTiming": [
      2.925,
      1.425,
      2.85,
      1.35,
      2.775,
      1.275,
      2.7,
      1.2,
      2.625,
      1.125,
      2.55,
      1.05,
      2.475,
      0.975,
      2.4,
      0.9,
      2.325,
      0.825,
      2.25,
      0.75,
      2.175,
      0.675,
      2.1,
      0.6,
      2.025,
      0.525,
      1.95,
      0.45,
      1.875,
      0.375,
      1.8,
      0.3,
      1.725,
      0.225,
      1.65,
      0.15,
      1.575,
      0.075,
      1.5,
      0
    ],
    "SoftwareVersions": "27\\LX\\MR Software release:MP26.0_R01_1824.b",
    "SpacingBetweenSlices": 3,
    "StationName": "PETMR",
    "TaskName": "restingstate",
    "TotalReadoutTime": 0.023808,
    "dataset": "<unset>",
    "datatype": "func",
    "extension": ".nii.gz",
    "modality": "bold",
    "subject": "042",
    "suffix": "bold",
    "task": "restingstate"
  },
  "dummy_trs": 0,
  "dvars_nstd": 32.096553754705894,
  "dvars_std": 1.0764304970588237,
  "dvars_vstd": 1.000161749579832,
  "efc": 0.3825,
  "fber": 43354.1562,
  "fd_mean": 0.13553913144452637,
  "fd_num": 11,
  "fd_perc": 9.166666666666666,
  "fwhm_avg": 3.3739041168703756,
  "fwhm_x": 3.641312,
  "fwhm_y": 3.763529142857143,
  "fwhm_z": 2.716871207753984,
  "gcor": 0.0265235,
  "gsr_x": -0.012426900677382946,
  "gsr_y": 0.005788573995232582,
  "provenance": {
    "md5sum": "4dd5584394b6f9567f6fc12f5c0e3b0b",
    "settings": {
      "fd_thres": 0.2,
      "testing": false
    },
    "software": "mriqc",
    "version": "24.1.0.dev0+gd5b13cb5.d20240826"
  },
  "size_t": 120,
  "size_x": 128,
  "size_y": 128,
  "size_z": 40,
  "snr": 3.0826580269508446,
  "spacing_tr": 3.0,
  "spacing_x": 2.1875,
  "spacing_y": 2.1875,
  "spacing_z": 3.000230550765991,
  "summary_bg_k": 187.1025,
  "summary_bg_mad": 41.5129,
  "summary_bg_mean": 150.9365,
  "summary_bg_median": 28.0,
  "summary_bg_n": 551629.0,
  "summary_bg_p05": 0.0,
  "summary_bg_p95": 606.0,
  "summary_bg_stdv": 463.9254,
  "summary_fg_k": 0.7711,
  "summary_fg_mad": 1657.7093,
  "summary_fg_mean": 5826.8678,
  "summary_fg_median": 5912.0,
  "summary_fg_n": 103731.0,
  "summary_fg_p05": 2357.0,
  "summary_fg_p95": 8832.0,
  "summary_fg_stdv": 1917.8162,
  "tsnr": 36.30881482420955
}
