{
  "aor": 0.007671,
  "aqi": 0.02769306458333333,
  "bids_meta": {
    "AcquisitionMatrixPE": 96,
    "AcquisitionNumber": 1,
    "AcquisitionTime": "15:33:48.000000",
    "CoilString": "Head 24",
    "ConversionSoftware": "dcm2niix",
    "ConversionSoftwareVersion": "v1.0.20211006",
    "DeviceSerialNumber": "000000030130MR01",
    "EchoTime": 0.034,
    "EffectiveEchoSpacing": 0.000172819,
    "FileSize": 0.09804167877882719,
    "FileSizeUnits": "GB",
    "FlipAngle": 90,
    "ImageOrientationPatientDICOM": [
      0.99852,
      -0.0424625,
      0.0339923,
      0.0470712,
      0.98774,
      -0.148844
    ],
    "ImageType": [
      "ORIGINAL",
      "PRIMARY",
      "EPI",
      "NONE"
    ],
    "ImagingFrequency": 127.771,
    "InPlanePhaseEncodingDirectionDICOM": "COL",
    "InstitutionName": "ULB_ERASME",
    "InternalPulseSequenceName": "EPI",
    "MRAcquisitionType": "2D",
    "MagneticFieldStrength": 3,
    "Manufacturer": "GE",
    "ManufacturersModelName": "SIGNA PET/MR",
    "Modality": "MR",
    "NumberOfVolumes": 120,
    "ParallelReductionFactorInPlane": 3,
    "PatientPosition": "HFS",
    "PercentPhaseFOV": 100,
    "PercentSampling": 100,
    "PhaseEncodingDirection": "j",
    "PhaseEncodingPolarityGE": "Flipped",
    "PixelBandwidth": 3906.25,
    "ProcedureStepDescription": "fMRI RS Valentina",
    "ProtocolName": "Research HIV Sophie",
    "PulseSequenceName": "epiRT",
    "ReconMatrixPE": 128,
    "RepetitionTime": 3,
    "SAR": 0.154651,
    "ScanOptions": "SAT_GEMS\\EPI_GEMS\\ACC_GEMS\\FS",
    "ScanningSequence": "EP\\GR",
    "SequenceVariant": "SS",
    "SeriesDescription": "fMRI 3mm Valentina",
    "SeriesNumber": 3,
    "SliceThickness": 3,
    "SliceTiming": [
      2.9375,
      1.4375,
      2.875,
      1.375,
      2.8125,
      1.3125,
      2.75,
      1.25,
      2.6875,
      1.1875,
      2.625,
      1.125,
      2.5625,
      1.0625,
      2.5,
      1,
      2.4375,
      0.9375,
      2.375,
      0.875,
      2.3125,
      0.8125,
      2.25,
      0.75,
      2.1875,
      0.6875,
      2.125,
      0.625,
      2.0625,
      0.5625,
      2,
      0.5,
      1.9375,
      0.4375,
      1.875,
      0.375,
      1.8125,
      0.3125,
      1.75,
      0.25,
      1.6875,
      0.1875,
      1.625,
      0.125,
      1.5625,
      0.0625,
      1.5,
      0
    ],
    "SoftwareVersions": "26\\LX\\MR Software release:MP24.0_R03_1712.b",
    "SpacingBetweenSlices": 3,
    "StationName": "PETMR",
    "TaskName": "restingstate",
    "TotalReadoutTime": 0.021948,
    "dataset": "<unset>",
    "datatype": "func",
    "extension": ".nii.gz",
    "modality": "bold",
    "subject": "004",
    "suffix": "bold",
    "task": "restingstate"
  },
  "dummy_trs": 0,
  "dvars_nstd": 28.15085851815127,
  "dvars_std": 0.9477388738655462,
  "dvars_vstd": 0.9346181610924367,
  "efc": 0.3377,
  "fber": 628572.1875,
  "fd_mean": 0.15618943188641674,
  "fd_num": 37,
  "fd_perc": 30.833333333333332,
  "fwhm_avg": 3.311362893797186,
  "fwhm_x": 3.5322697142857145,
  "fwhm_y": 3.6981394285714284,
  "fwhm_z": 2.7036795385344154,
  "gcor": 0.0319309,
  "gsr_x": -0.01637967862188816,
  "gsr_y": 0.004876233637332916,
  "provenance": {
    "md5sum": "1c1c75ccdce860d0131c16085fe0c5f2",
    "settings": {
      "fd_thres": 0.2,
      "testing": false
    },
    "software": "mriqc",
    "version": "24.1.0.dev0+gd5b13cb5.d20240826"
  },
  "size_t": 120,
  "size_x": 128,
  "size_y": 128,
  "size_z": 48,
  "snr": 2.813444304219835,
  "spacing_tr": 3.0,
  "spacing_x": 2.1875,
  "spacing_y": 2.1875,
  "spacing_z": 3.000237226486206,
  "summary_bg_k": 125.2479,
  "summary_bg_mad": 10.9342,
  "summary_bg_mean": 121.1986,
  "summary_bg_median": 8.0,
  "summary_bg_n": 683984.0,
  "summary_bg_p05": 0.0,
  "summary_bg_p95": 537.0,
  "summary_bg_stdv": 398.6893,
  "summary_fg_k": 1.1985,
  "summary_fg_mad": 1591.1475,
  "summary_fg_mean": 6006.937,
  "summary_fg_median": 6151.0,
  "summary_fg_n": 102448.0,
  "summary_fg_p05": 1530.0,
  "summary_fg_p95": 9239.0,
  "summary_fg_stdv": 2186.2775,
  "tsnr": 29.054728367947973
}
