{
  "bids_meta": {
    "AcquisitionMatrixPE": 260,
    "AcquisitionNumber": 1,
    "AcquisitionTime": "15:18:13.000000",
    "BodyPartExamined": "HEAD",
    "ConversionSoftware": "dcm2niix",
    "ConversionSoftwareVersion": "v1.0.20171204 (OpenJPEG build) Clang8.1.0",
    "Dcm2bidsVersion": "2.1.4",
    "DeviceSerialNumber": "000000030130MR01",
    "EchoTime": 0.00326,
    "FileSize": 0.045987301506102085,
    "FileSizeUnits": "GB",
    "FlipAngle": 12,
    "ImageOrientationPatientDICOM": [
      0.999605,
      -0.0211078,
      -0.0185338,
      0.0189582,
      0.993822,
      -0.109352
    ],
    "ImageType": [
      "ORIGINAL",
      "PRIMARY",
      "OTHER"
    ],
    "InPlanePhaseEncodingDirectionDICOM": "ROW",
    "InstitutionName": "ULB_ERASME",
    "InversionTime": 0.45,
    "MRAcquisitionType": "3D",
    "MagneticFieldStrength": 3,
    "Manufacturer": "GE",
    "ManufacturersModelName": "SIGNA_PET_MR",
    "Modality": "MR",
    "NumberOfVolumes": 1,
    "PatientPosition": "HFS",
    "PercentPhaseFOV": 74,
    "PixelBandwidth": 122.07,
    "ProcedureStepDescription": "Etude_Valentina_Hypercapnie",
    "ProtocolName": "Ax_3D_T1_BRAVO_ISO_1mm",
    "ReconMatrixPE": 512,
    "RepetitionTime": 0.008624,
    "SAR": 0.078294,
    "ScanOptions": "FAST_GEMS_EDR_GEMS_FILTERED_GEMS_IR_GEMS",
    "ScanningSequence": "GR",
    "SequenceVariant": "SS_SK",
    "SeriesDescription": "Ax_3D_T1_BRAVO_ISO_1mm",
    "SeriesNumber": 7,
    "SliceThickness": 1,
    "SoftwareVersions": "27_LX_MR_Software_release:MP26.0_R01_1824.b",
    "SpacingBetweenSlices": 1,
    "StationName": "PETMR",
    "dataset": "<unset>",
    "datatype": "anat",
    "extension": ".nii.gz",
    "modality": "T1w",
    "subject": "042",
    "suffix": "T1w"
  },
  "cjv": 0.7054580912863071,
  "cnr": 1.3724394385535932,
  "efc": 0.5982,
  "fber": 1085.4694,
  "fwhm_avg": 5.919841550558144,
  "fwhm_x": 7.127136906234777,
  "fwhm_y": 7.07465561263318,
  "fwhm_z": 3.5577321328064744,
  "icvs_csf": 0.26531754038260785,
  "icvs_gm": 0.36591298863351424,
  "icvs_wm": 0.36876947098387786,
  "inu_med": 0.5168778896331787,
  "inu_range": 0.1497720539569854,
  "provenance": {
    "md5sum": "8d69c3ff7ead501244c1ed039b81ab1c",
    "settings": {
      "testing": false
    },
    "software": "mriqc",
    "version": "24.1.0.dev0+gd5b13cb5.d20240826",
    "warnings": {
      "large_rot_frame": true,
      "small_air_mask": false
    }
  },
  "qi_1": 0.0,
  "qi_2": 0.00642112405770045,
  "rpve_csf": 6.648731268156234,
  "rpve_gm": 6.537971924968733,
  "rpve_wm": 6.625923293157994,
  "size_x": 512,
  "size_y": 512,
  "size_z": 176,
  "snr_csf": 1.7423642288457464,
  "snr_gm": 4.72003229474018,
  "snr_total": 5.552881677697097,
  "snr_wm": 10.196248509505365,
  "snrd_csf": 7.54134720931091,
  "snrd_gm": 15.2365994637098,
  "snrd_total": 14.437758991586485,
  "snrd_wm": 20.535330301738746,
  "spacing_x": 0.5077999830245972,
  "spacing_y": 0.5077999830245972,
  "spacing_z": 0.9999825358390808,
  "summary_bg_k": 867.8101,
  "summary_bg_mad": 0.0,
  "summary_bg_mean": 12.234,
  "summary_bg_median": 0.0,
  "summary_bg_n": 18975271.0,
  "summary_bg_p05": 0.0,
  "summary_bg_p95": 54.0,
  "summary_bg_stdv": 29.7973,
  "summary_csf_k": -0.2765,
  "summary_csf_mad": 157.6178,
  "summary_csf_mean": 367.8763,
  "summary_csf_median": 343.0,
  "summary_csf_n": 1814621.5421574283,
  "summary_csf_p05": 84.0,
  "summary_csf_p95": 713.0,
  "summary_csf_stdv": 196.8589,
  "summary_gm_k": 4.1264,
  "summary_gm_mad": 91.151,
  "summary_gm_mean": 693.5606,
  "summary_gm_median": 693.0,
  "summary_gm_n": 2502637.370948232,
  "summary_gm_p05": 449.0,
  "summary_gm_p95": 951.0,
  "summary_gm_stdv": 146.821,
  "summary_wm_k": 0.7533,
  "summary_wm_mad": 78.8644,
  "summary_wm_mean": 917.6708,
  "summary_wm_median": 934.0,
  "summary_wm_n": 2522174.0906098397,
  "summary_wm_p05": 749.0,
  "summary_wm_p95": 1043.0,
  "summary_wm_stdv": 91.6023,
  "tpm_overlap_csf": 0.20820791962517352,
  "tpm_overlap_gm": 0.5119633992606231,
  "tpm_overlap_wm": 0.5423458398378656,
  "wm2max": 0.4283675371241589
}
