{
  "aor": 0.0011706666666666666,
  "aqi": 0.00832222775,
  "bids_meta": {
    "AcquisitionMatrixPE": 96,
    "AcquisitionNumber": 1,
    "AcquisitionTime": "16:22:56.000000",
    "BodyPartExamined": "HEAD",
    "CoilString": "Head Neck 40",
    "ConversionSoftware": "dcm2niix",
    "ConversionSoftwareVersion": "v1.0.20211006",
    "Dcm2bidsVersion": "2.1.6",
    "DeviceSerialNumber": "000000030130MR01",
    "EchoTime": 0.034,
    "EffectiveEchoSpacing": 0.000171843,
    "FileSize": 0.0873617148026824,
    "FileSizeUnits": "GB",
    "FlipAngle": 90,
    "ImageOrientationPatientDICOM": [
      0.99797,
      -0.05425,
      0.03321,
      0.05428,
      0.99853,
      0
    ],
    "ImageType": [
      "ORIGINAL",
      "PRIMARY",
      "EPI",
      "NONE"
    ],
    "ImagingFrequency": 127.771,
    "InPlanePhaseEncodingDirectionDICOM": "COL",
    "InstitutionName": "ULB_ERASME",
    "InternalPulseSequenceName": "EPI",
    "MRAcquisitionType": "2D",
    "MagneticFieldStrength": 3,
    "Manufacturer": "GE",
    "ManufacturersModelName": "SIGNA PET/MR",
    "Modality": "MR",
    "NumberOfVolumes": 120,
    "ParallelReductionFactorInPlane": 3,
    "PatientPosition": "HFS",
    "PercentPhaseFOV": 100,
    "PercentSampling": 100,
    "PhaseEncodingDirection": "j",
    "PhaseEncodingPolarityGE": "Flipped",
    "PixelBandwidth": 3906.25,
    "ProcedureStepDescription": "Etude Emilie",
    "ProtocolName": "Etude Emilie",
    "PulseSequenceName": "epiRT",
    "ReconMatrixPE": 128,
    "RepetitionTime": 3,
    "SAR": 0.0698701,
    "ScanOptions": "SAT_GEMS\\EPI_GEMS\\FILTERED_GEMS\\ACC_GEMS\\FS",
    "ScanningSequence": "EP\\GR",
    "SequenceVariant": "SS",
    "SeriesDescription": "fMRI RS",
    "SeriesNumber": 11,
    "SliceThickness": 3,
    "SliceTiming": [
      1.46667,
      2.93333,
      1.4,
      2.86667,
      1.33333,
      2.8,
      1.26667,
      2.73333,
      1.2,
      2.66667,
      1.13333,
      2.6,
      1.06667,
      2.53333,
      1,
      2.46667,
      0.933333,
      2.4,
      0.866667,
      2.33333,
      0.8,
      2.26667,
      0.733333,
      2.2,
      0.666667,
      2.13333,
      0.6,
      2.06667,
      0.533333,
      2,
      0.466667,
      1.93333,
      0.4,
      1.86667,
      0.333333,
      1.8,
      0.266667,
      1.73333,
      0.2,
      1.66667,
      0.133333,
      1.6,
      0.0666667,
      1.53333,
      0
    ],
    "SoftwareVersions": "27\\LX\\MR Software release:MP26.0_R02_1941.a",
    "SpacingBetweenSlices": 3,
    "StationName": "ULBPTMR",
    "TaskName": "restingstate",
    "TotalReadoutTime": 0.021824,
    "dataset": "<unset>",
    "datatype": "func",
    "extension": ".nii.gz",
    "modality": "bold",
    "subject": "001",
    "suffix": "bold",
    "task": "restingstate"
  },
  "dummy_trs": 0,
  "dvars_nstd": 26.06530043630252,
  "dvars_std": 1.0423058589075633,
  "dvars_vstd": 0.9968378894957984,
  "efc": 0.3522,
  "fber": 83331.8594,
  "fd_mean": 0.06979391653852285,
  "fd_num": 5,
  "fd_perc": 4.166666666666667,
  "fwhm_avg": 3.101548888888889,
  "fwhm_x": 3.2174844444444446,
  "fwhm_y": 3.570275555555556,
  "fwhm_z": 2.5168866666666667,
  "gcor": 0.0127248,
  "gsr_x": -0.021508481353521347,
  "gsr_y": 0.0005815099575556815,
  "provenance": {
    "md5sum": "76b9b21f378f3b8e58c0feaf72b6d236",
    "settings": {
      "fd_thres": 0.2,
      "testing": false
    },
    "software": "mriqc",
    "version": "24.1.0.dev0+gd5b13cb5.d20240826"
  },
  "size_t": 120,
  "size_x": 128,
  "size_y": 128,
  "size_z": 45,
  "snr": 3.1096622986217515,
  "spacing_tr": 3.0,
  "spacing_x": 2.25,
  "spacing_y": 2.25,
  "spacing_z": 3.0,
  "summary_bg_k": 112.1389,
  "summary_bg_mad": 28.1694,
  "summary_bg_mean": 123.5312,
  "summary_bg_median": 19.0,
  "summary_bg_n": 638663.0,
  "summary_bg_p05": 0.0,
  "summary_bg_p95": 495.0,
  "summary_bg_stdv": 385.6251,
  "summary_fg_k": 0.8089,
  "summary_fg_mad": 1317.4282,
  "summary_fg_mean": 5216.2538,
  "summary_fg_median": 5437.0,
  "summary_fg_n": 98617.0,
  "summary_fg_p05": 1381.0,
  "summary_fg_p95": 7684.0,
  "summary_fg_stdv": 1748.4125,
  "tsnr": 48.041902294615284
}
