{
  "bids_meta": {
    "AcquisitionMatrixPE": 240,
    "AcquisitionNumber": 1,
    "AcquisitionTime": "14:41:57.000000",
    "ConversionSoftware": "dcm2niix",
    "ConversionSoftwareVersion": "v1.0.20171204 (OpenJPEG build) Clang8.1.0",
    "Dcm2bidsVersion": "2.1.4",
    "DeviceSerialNumber": "000000030130MR01",
    "EchoTime": 0.003048,
    "FileSize": 0.009040678851306438,
    "FileSizeUnits": "GB",
    "FlipAngle": 12,
    "ImageOrientationPatientDICOM": [
      0.997643,
      -0.0407001,
      0.0552527,
      0.0380928,
      0.998147,
      0.0474489
    ],
    "ImageType": [
      "ORIGINAL",
      "PRIMARY",
      "OTHER"
    ],
    "InPlanePhaseEncodingDirectionDICOM": "ROW",
    "InstitutionName": "ULB_ERASME",
    "InversionTime": 0.45,
    "MRAcquisitionType": "3D",
    "MagneticFieldStrength": 3,
    "Manufacturer": "GE",
    "ManufacturersModelName": "SIGNA_PET_MR",
    "Modality": "MR",
    "NumberOfVolumes": 1,
    "PatientPosition": "HFS",
    "PercentPhaseFOV": 90,
    "PixelBandwidth": 244.141,
    "ProcedureStepDescription": "Etude_Hypercapnie_Valentina",
    "ProtocolName": "Ax_3D_T1_BRAVO_ISO_1mm",
    "ReconMatrixPE": 256,
    "RepetitionTime": 0.008192,
    "SAR": 0.177645,
    "ScanOptions": "FAST_GEMS_EDR_GEMS_FILTERED_GEMS",
    "ScanningSequence": "GR",
    "SequenceVariant": "SS_SK",
    "SeriesDescription": "Ax_3D_T1_BRAVO_ISO_1mm",
    "SeriesNumber": 5,
    "SliceThickness": 1,
    "SoftwareVersions": "26_LX_MR_Software_release:MP24.0_R03_1712.b",
    "SpacingBetweenSlices": 1,
    "StationName": "PETMR",
    "dataset": "<unset>",
    "datatype": "anat",
    "extension": ".nii.gz",
    "modality": "T1w",
    "subject": "001",
    "suffix": "T1w"
  },
  "cjv": 0.5674396887159533,
  "cnr": 1.8385760556831285,
  "efc": 0.6133,
  "fber": -1.0,
  "fwhm_avg": 4.078590877386261,
  "fwhm_x": 3.9795984000694884,
  "fwhm_y": 4.362327833895771,
  "fwhm_z": 3.893846398193524,
  "icvs_csf": 0.27033302827754246,
  "icvs_gm": 0.38180176778365554,
  "icvs_wm": 0.34786520393880205,
  "inu_med": 0.3816257417201996,
  "inu_range": 0.12291950285434716,
  "provenance": {
    "md5sum": "ada6e9e59cc83c4661149a9b7080893f",
    "settings": {
      "testing": false
    },
    "software": "mriqc",
    "version": "24.1.0.dev0+gd5b13cb5.d20240826",
    "warnings": {
      "large_rot_frame": true,
      "small_air_mask": false
    }
  },
  "qi_1": 0.0,
  "qi_2": 0.0018098322374845298,
  "rpve_csf": 6.914089213151515,
  "rpve_gm": 6.837582942375447,
  "rpve_wm": 6.940642022140641,
  "size_x": 256,
  "size_y": 256,
  "size_z": 176,
  "snr_csf": 2.2385710672875154,
  "snr_gm": 6.182318193963366,
  "snr_total": 6.791747667567617,
  "snr_wm": 11.954353741451971,
  "snrd_csf": 23.06124903099242,
  "snrd_gm": 36.43159116581499,
  "snrd_total": 36.41431682197155,
  "snrd_wm": 49.750110269107246,
  "spacing_x": 1.0155999660491943,
  "spacing_y": 1.0155999660491943,
  "spacing_z": 0.9999855160713196,
  "summary_bg_k": 3793.3143,
  "summary_bg_mad": 0.0,
  "summary_bg_mean": 1.7018,
  "summary_bg_median": 0.0,
  "summary_bg_n": 4508790.0,
  "summary_bg_p05": 0.0,
  "summary_bg_p95": 9.0,
  "summary_bg_stdv": 12.6418,
  "summary_csf_k": 1.2521,
  "summary_csf_mad": 144.0581,
  "summary_csf_mean": 449.8296,
  "summary_csf_median": 445.0,
  "summary_csf_n": 443513.77315247606,
  "summary_csf_p05": 138.0,
  "summary_csf_p95": 763.0,
  "summary_csf_stdv": 198.7873,
  "summary_gm_k": -0.7442,
  "summary_gm_mad": 84.0041,
  "summary_gm_mean": 705.2589,
  "summary_gm_median": 703.0,
  "summary_gm_n": 626391.6166846039,
  "summary_gm_p05": 521.0,
  "summary_gm_p95": 910.0,
  "summary_gm_stdv": 113.7113,
  "summary_wm_k": -0.2898,
  "summary_wm_mad": 61.8279,
  "summary_wm_mean": 940.3692,
  "summary_wm_median": 960.0,
  "summary_wm_n": 570714.6112718278,
  "summary_wm_p05": 782.0,
  "summary_wm_p95": 1041.0,
  "summary_wm_stdv": 80.3054,
  "tpm_overlap_csf": 0.22591215513864907,
  "tpm_overlap_gm": 0.5455325382418637,
  "tpm_overlap_wm": 0.5719422603771789,
  "wm2max": 0.4373487845523251
}
