{
  "aor": 0.001471,
  "aqi": 0.02917128125,
  "bids_meta": {
    "AcquisitionMatrixPE": 96,
    "AcquisitionNumber": 1,
    "AcquisitionTime": "15:13:53.000000",
    "BodyPartExamined": "HEAD",
    "CoilString": "Head Neck 40",
    "ConversionSoftware": "dcm2niix",
    "ConversionSoftwareVersion": "v1.0.20211006",
    "Dcm2bidsVersion": "2.1.6",
    "DeviceSerialNumber": "000000030130MR01",
    "EchoTime": 0.034,
    "EffectiveEchoSpacing": 0.000172819,
    "FileSize": 0.08239625487476587,
    "FileSizeUnits": "GB",
    "FlipAngle": 90,
    "ImageOrientationPatientDICOM": [
      0.99763,
      -0.0636054,
      0.0262393,
      0.0680895,
      0.967504,
      -0.243514
    ],
    "ImageType": [
      "ORIGINAL",
      "PRIMARY",
      "EPI",
      "NONE"
    ],
    "ImagingFrequency": 127.771,
    "InPlanePhaseEncodingDirectionDICOM": "COL",
    "InstitutionName": "ULB_ERASME",
    "InternalPulseSequenceName": "EPI",
    "MRAcquisitionType": "2D",
    "MagneticFieldStrength": 3,
    "Manufacturer": "GE",
    "ManufacturersModelName": "SIGNA PET/MR",
    "Modality": "MR",
    "NumberOfVolumes": 120,
    "ParallelReductionFactorInPlane": 3,
    "PatientPosition": "HFS",
    "PercentPhaseFOV": 100,
    "PercentSampling": 100,
    "PhaseEncodingDirection": "j",
    "PhaseEncodingPolarityGE": "Flipped",
    "PixelBandwidth": 3906.25,
    "ProcedureStepDescription": "Etude Hypercapnie Valentina",
    "ProtocolName": "Valentina fMRI Hypercapn",
    "PulseSequenceName": "epiRT",
    "ReconMatrixPE": 128,
    "RepetitionTime": 3,
    "SAR": 0.0679276,
    "ScanOptions": "SAT_GEMS\\EPI_GEMS\\FILTERED_GEMS\\ACC_GEMS\\FS",
    "ScanningSequence": "EP\\GR",
    "SequenceVariant": "SS",
    "SeriesDescription": "fMRI 3mm RS",
    "SeriesNumber": 5,
    "SliceThickness": 3,
    "SliceTiming": [
      2.925,
      1.425,
      2.85,
      1.35,
      2.775,
      1.275,
      2.7,
      1.2,
      2.625,
      1.125,
      2.55,
      1.05,
      2.475,
      0.975,
      2.4,
      0.9,
      2.325,
      0.825,
      2.25,
      0.75,
      2.175,
      0.675,
      2.1,
      0.6,
      2.025,
      0.525,
      1.95,
      0.45,
      1.875,
      0.375,
      1.8,
      0.3,
      1.725,
      0.225,
      1.65,
      0.15,
      1.575,
      0.075,
      1.5,
      0
    ],
    "SoftwareVersions": "27\\LX\\MR Software release:MP26.0_R01_1824.b",
    "SpacingBetweenSlices": 3,
    "StationName": "PETMR",
    "TaskName": "restingstate",
    "TotalReadoutTime": 0.021948,
    "dataset": "<unset>",
    "datatype": "func",
    "extension": ".nii.gz",
    "modality": "bold",
    "subject": "037",
    "suffix": "bold",
    "task": "restingstate"
  },
  "dummy_trs": 0,
  "dvars_nstd": 28.238971839159657,
  "dvars_std": 0.854773601092437,
  "dvars_vstd": 0.8662064496638655,
  "efc": 0.3725,
  "fber": 44564.0547,
  "fd_mean": 0.0966499243843202,
  "fd_num": 0,
  "fd_perc": 0.0,
  "fwhm_avg": 3.294932761904762,
  "fwhm_x": 3.374505142857143,
  "fwhm_y": 3.7189531428571434,
  "fwhm_z": 2.79134,
  "gcor": 0.00840152,
  "gsr_x": -0.037661731243133545,
  "gsr_y": -0.009538456797599792,
  "provenance": {
    "md5sum": "64f020061988c01cb6d1db3682810f7a",
    "settings": {
      "fd_thres": 0.2,
      "testing": false
    },
    "software": "mriqc",
    "version": "24.1.0.dev0+gd5b13cb5.d20240826"
  },
  "size_t": 120,
  "size_x": 128,
  "size_y": 128,
  "size_z": 40,
  "snr": 2.9706010107293057,
  "spacing_tr": 3.0,
  "spacing_x": 2.1875,
  "spacing_y": 2.1875,
  "spacing_z": 3.0,
  "summary_bg_k": 44.8471,
  "summary_bg_mad": 40.0303,
  "summary_bg_mean": 213.5742,
  "summary_bg_median": 27.0,
  "summary_bg_n": 567356.0,
  "summary_bg_p05": 0.0,
  "summary_bg_p95": 809.0,
  "summary_bg_stdv": 689.4974,
  "summary_fg_k": 1.0848,
  "summary_fg_mad": 1552.0062,
  "summary_fg_mean": 5692.8412,
  "summary_fg_median": 5709.0,
  "summary_fg_n": 88004.0,
  "summary_fg_p05": 2122.0,
  "summary_fg_p95": 8823.0,
  "summary_fg_stdv": 1921.8224,
  "tsnr": 27.801245033740997
}
