{
  "bids_meta": {
    "AcquisitionMatrixPE": 240,
    "AcquisitionNumber": 1,
    "AcquisitionTime": "15:27:14.000000",
    "ConversionSoftware": "dcm2niix",
    "ConversionSoftwareVersion": "v1.0.20171204 (OpenJPEG build) Clang8.1.0",
    "Dcm2bidsVersion": "2.1.4",
    "DeviceSerialNumber": "000000030130MR01",
    "EchoTime": 0.00308,
    "FileSize": 0.011191211640834808,
    "FileSizeUnits": "GB",
    "FlipAngle": 12,
    "ImageOrientationPatientDICOM": [
      0.999432,
      -0.0168257,
      -0.0291927,
      0.00537097,
      0.934869,
      -0.354952
    ],
    "ImageType": [
      "ORIGINAL",
      "PRIMARY",
      "OTHER"
    ],
    "InPlanePhaseEncodingDirectionDICOM": "ROW",
    "InstitutionName": "ULB_ERASME",
    "InversionTime": 0.45,
    "MRAcquisitionType": "3D",
    "MagneticFieldStrength": 3,
    "Manufacturer": "GE",
    "ManufacturersModelName": "SIGNA_PET_MR",
    "Modality": "MR",
    "NumberOfVolumes": 1,
    "PatientPosition": "HFS",
    "PercentPhaseFOV": 80,
    "PixelBandwidth": 244.141,
    "ProcedureStepDescription": "Etude_Hypercapnie_Valentina",
    "ProtocolName": "Ax_3D_T1_BRAVO_ISO_1mm",
    "ReconMatrixPE": 256,
    "RepetitionTime": 0.008404,
    "SAR": 0.155357,
    "ScanOptions": "FAST_GEMS_EDR_GEMS_FILTERED_GEMS",
    "ScanningSequence": "GR",
    "SequenceVariant": "SS_SK",
    "SeriesDescription": "Ax_3D_T1_BRAVO_ISO_1mm",
    "SeriesNumber": 5,
    "SliceThickness": 1,
    "SoftwareVersions": "26_LX_MR_Software_release:MP24.0_R03_1712.b",
    "SpacingBetweenSlices": 1,
    "StationName": "PETMR",
    "dataset": "<unset>",
    "datatype": "anat",
    "extension": ".nii.gz",
    "modality": "T1w",
    "subject": "004",
    "suffix": "T1w"
  },
  "cjv": 0.6859145922746781,
  "cnr": 1.2147356870022508,
  "efc": 0.6527,
  "fber": 1170.5444,
  "fwhm_avg": 3.8694574597171645,
  "fwhm_x": 3.9245546666666664,
  "fwhm_y": 4.148778666666667,
  "fwhm_z": 3.5350390458181593,
  "icvs_csf": 0.27092574351681964,
  "icvs_gm": 0.36893107286145993,
  "icvs_wm": 0.3601431836217204,
  "inu_med": 0.5512757003307343,
  "inu_range": 0.17508517056703565,
  "provenance": {
    "md5sum": "a5e6d8e3a94e273c1489005b4052aa6e",
    "settings": {
      "testing": false
    },
    "software": "mriqc",
    "version": "24.1.0.dev0+gd5b13cb5.d20240826",
    "warnings": {
      "large_rot_frame": true,
      "small_air_mask": false
    }
  },
  "qi_1": 0.0,
  "qi_2": 0.0010072432749344655,
  "rpve_csf": 5.735038245118955,
  "rpve_gm": 5.624604428769851,
  "rpve_wm": 5.737554813402653,
  "size_x": 256,
  "size_y": 256,
  "size_z": 166,
  "snr_csf": 2.1439716614814546,
  "snr_gm": 4.56763628516489,
  "snr_total": 5.726831947124691,
  "snr_wm": 10.46888789472773,
  "snrd_csf": 3.6694134620869914,
  "snrd_gm": 5.886350762097883,
  "snrd_total": 5.807073310756497,
  "snrd_wm": 7.865455708084616,
  "spacing_x": 0.9375,
  "spacing_y": 0.9375,
  "spacing_z": 1.000107765197754,
  "summary_bg_k": 312.724,
  "summary_bg_mad": 0.0,
  "summary_bg_mean": 28.3014,
  "summary_bg_median": 0.0,
  "summary_bg_n": 3784895.0,
  "summary_bg_p05": 0.0,
  "summary_bg_p95": 133.0,
  "summary_bg_stdv": 77.1292,
  "summary_csf_k": 4.5925,
  "summary_csf_mad": 150.1951,
  "summary_csf_mean": 445.8903,
  "summary_csf_median": 432.0,
  "summary_csf_n": 502244.31102491193,
  "summary_csf_p05": 157.0,
  "summary_csf_p95": 775.0,
  "summary_csf_stdv": 201.495,
  "summary_gm_k": 8.501,
  "summary_gm_mad": 89.1432,
  "summary_gm_mean": 698.3518,
  "summary_gm_median": 693.0,
  "summary_gm_n": 683927.3747106359,
  "summary_gm_p05": 451.0,
  "summary_gm_p95": 956.0,
  "summary_gm_stdv": 151.7195,
  "summary_wm_k": 0.1943,
  "summary_wm_mad": 70.6749,
  "summary_wm_mean": 913.0975,
  "summary_wm_median": 926.0,
  "summary_wm_n": 667636.3153255677,
  "summary_wm_p05": 749.0,
  "summary_wm_p95": 1038.0,
  "summary_wm_stdv": 88.4525,
  "tpm_overlap_csf": 0.21818969071032165,
  "tpm_overlap_gm": 0.5410656281466715,
  "tpm_overlap_wm": 0.5408319042926265,
  "wm2max": 0.3904897369740579
}
