{
  "bids_meta": {
    "AcquisitionMatrixPE": 240,
    "AcquisitionNumber": 1,
    "AcquisitionTime": "15:20:47.000000",
    "BodyPartExamined": "HEAD",
    "ConversionSoftware": "dcm2niix",
    "ConversionSoftwareVersion": "v1.0.20171204 (OpenJPEG build) Clang8.1.0",
    "Dcm2bidsVersion": "2.1.4",
    "DeviceSerialNumber": "000000030130MR01",
    "EchoTime": 0.003088,
    "FileSize": 0.011511278338730335,
    "FileSizeUnits": "GB",
    "FlipAngle": 12,
    "ImageOrientationPatientDICOM": [
      0.994716,
      -0.0950842,
      0.0387076,
      0.101375,
      0.96926,
      -0.224182
    ],
    "ImageType": [
      "ORIGINAL",
      "PRIMARY",
      "OTHER"
    ],
    "InPlanePhaseEncodingDirectionDICOM": "ROW",
    "InstitutionName": "ULB_ERASME",
    "InversionTime": 0.45,
    "MRAcquisitionType": "3D",
    "MagneticFieldStrength": 3,
    "Manufacturer": "GE",
    "ManufacturersModelName": "SIGNA_PET_MR",
    "Modality": "MR",
    "NumberOfVolumes": 1,
    "PatientPosition": "HFS",
    "PercentPhaseFOV": 82,
    "PixelBandwidth": 244.141,
    "ProcedureStepDescription": "Etude_Hypercapnie_Valentina",
    "ProtocolName": "Ax_3D_T1_BRAVO_ISO_1mm",
    "ReconMatrixPE": 256,
    "RepetitionTime": 0.008412,
    "SAR": 0.0818275,
    "ScanOptions": "FAST_GEMS_EDR_GEMS_FILTERED_GEMS_IR_GEMS",
    "ScanningSequence": "GR",
    "SequenceVariant": "SS_SK",
    "SeriesDescription": "Ax_3D_T1_BRAVO_ISO_1mm",
    "SeriesNumber": 7,
    "SliceThickness": 1,
    "SoftwareVersions": "27_LX_MR_Software_release:MP26.0_R01_1824.b",
    "SpacingBetweenSlices": 1,
    "StationName": "PETMR",
    "dataset": "<unset>",
    "datatype": "anat",
    "extension": ".nii.gz",
    "modality": "T1w",
    "subject": "037",
    "suffix": "T1w"
  },
  "cjv": 0.6081358490566038,
  "cnr": 1.4531075755048897,
  "efc": 0.5985,
  "fber": 1979.3556,
  "fwhm_avg": 4.409940308699863,
  "fwhm_x": 4.385504,
  "fwhm_y": 4.693632,
  "fwhm_z": 4.150684926099588,
  "icvs_csf": 0.2710060475604477,
  "icvs_gm": 0.3676182970797479,
  "icvs_wm": 0.36137565535980437,
  "inu_med": 0.37245287001132965,
  "inu_range": 0.08064358681440353,
  "provenance": {
    "md5sum": "8e809208cdb347c627cfb926d7bc51ef",
    "settings": {
      "testing": false
    },
    "software": "mriqc",
    "version": "24.1.0.dev0+gd5b13cb5.d20240826",
    "warnings": {
      "large_rot_frame": true,
      "small_air_mask": false
    }
  },
  "qi_1": 0.0,
  "qi_2": 0.006143336740428884,
  "rpve_csf": 5.456126201222346,
  "rpve_gm": 5.366674563325201,
  "rpve_wm": 5.474660978428652,
  "size_x": 256,
  "size_y": 256,
  "size_z": 156,
  "snr_csf": 1.5482035530129261,
  "snr_gm": 4.270287162208636,
  "snr_total": 6.003300685071032,
  "snr_wm": 12.191411339991534,
  "snrd_csf": 9.502292785579543,
  "snrd_gm": 19.08697539299937,
  "snrd_total": 18.318003722490044,
  "snrd_wm": 26.364742988891216,
  "spacing_x": 0.9375,
  "spacing_y": 0.9375,
  "spacing_z": 0.9999409914016724,
  "summary_bg_k": 383.4934,
  "summary_bg_mad": 0.0,
  "summary_bg_mean": 10.2127,
  "summary_bg_median": 0.0,
  "summary_bg_n": 4271416.0,
  "summary_bg_p05": 0.0,
  "summary_bg_p95": 41.0,
  "summary_bg_stdv": 23.855,
  "summary_csf_k": -0.0072,
  "summary_csf_mad": 170.362,
  "summary_csf_mean": 380.8145,
  "summary_csf_median": 346.0,
  "summary_csf_n": 496789.3164507797,
  "summary_csf_p05": 66.0,
  "summary_csf_p95": 755.0,
  "summary_csf_stdv": 223.4846,
  "summary_gm_k": 4.6976,
  "summary_gm_mad": 98.8377,
  "summary_gm_mean": 691.0434,
  "summary_gm_median": 695.0,
  "summary_gm_n": 673892.1295854566,
  "summary_gm_p05": 406.0,
  "summary_gm_p95": 972.0,
  "summary_gm_stdv": 162.7524,
  "summary_wm_k": 0.3917,
  "summary_wm_mad": 62.3183,
  "summary_wm_mean": 943.0584,
  "summary_wm_median": 960.0,
  "summary_wm_n": 662448.5557581746,
  "summary_wm_p05": 788.0,
  "summary_wm_p95": 1044.0,
  "summary_wm_stdv": 78.7439,
  "tpm_overlap_csf": 0.21327697813456126,
  "tpm_overlap_gm": 0.5284497163896175,
  "tpm_overlap_wm": 0.5591890789319772,
  "wm2max": 0.45847916309084
}
